GEM
  remote: http://rubygems.org/
  specs:
    activesupport (4.0.3)
      i18n (~> 0.6, >= 0.6.4)
      minitest (~> 4.2)
      multi_json (~> 1.3)
      thread_safe (~> 0.1)
      tzinfo (~> 0.3.37)
    aws-sdk (1.39.0)
      json (~> 1.4)
      nokogiri (>= 1.4.4)
    builder (3.1.4)
    clockwork (0.7.3)
      activesupport
      tzinfo
    colorize (0.7.1)
    i18n (0.6.9)
    json (1.8.1)
    mime-types (1.25.1)
    mini_magick (3.7.0)
      subexec (~> 0.2.1)
    mini_portile (0.5.3)
    minitest (4.7.5)
    multi_json (1.10.0)
    nokogiri (1.6.1)
      mini_portile (~> 0.5.0)
    plist (3.1.0)
    rest-client (1.6.7)
      mime-types (>= 1.16)
    rubyzip (1.1.3)
    subexec (0.2.3)
    thread_safe (0.3.3)
    tzinfo (0.3.39)
    xcoder (0.1.18)
      aws-sdk
      builder
      colorize
      multi_json
      nokogiri
      plist
      rest-client

PLATFORMS
  ruby

DEPENDENCIES
  clockwork
  mini_magick
  rubyzip
  xcoder
